GIT
  remote: https://github.com/hmcts/gov_fake_notify.git
  revision: eb4e3a1825c6a4ef2d08f00689d8692de96d9c40
  tag: v1.2.0
  specs:
    gov_fake_notify (1.2.0)
      activemodel (>= 6.1)
      iodine (~> 0.7)
      jwt (~> 2.2, >= 2.2.3)
      mail (~> 2.7, >= 2.7.1)
      roda (~> 3.48)
      thor (~> 1.1)
      tilt (~> 2.0, >= 2.0.10)

GEM
  remote: https://rubygems.org/
  specs:
    activemodel (7.0.4.3)
      activesupport (= 7.0.4.3)
    activesupport (7.0.4.3)
      concurrent-ruby (~> 1.0, >= 1.0.2)
      i18n (>= 1.6, < 2)
      minitest (>= 5.1)
      tzinfo (~> 2.0)
    addressable (2.8.1)
      public_suffix (>= 2.0.2, < 6.0)
    concurrent-ruby (1.2.2)
    date (3.3.3)
    et_fake_acas_server (2.0.0)
      activesupport (>= 6.1)
      iodine (~> 0.7)
      nokogiri (~> 1.8, >= 1.8.2)
      sinatra (~> 3.0)
      sinatra-contrib (~> 3.0)
    et_fake_ccd (2.1.0)
      activemodel (~> 7.0)
      iodine (~> 0.7)
      json-schema (~> 3.0)
      roda (~> 3.21)
      roda-enhanced_logger (~> 0.5.0)
      rotp (~> 6.2)
      thor (~> 1.0)
      tilt (~> 2.0, >= 2.0.9)
    foreman (0.87.2)
    i18n (1.12.0)
      concurrent-ruby (~> 1.0)
    iodine (0.7.54)
    json-schema (3.0.0)
      addressable (>= 2.8)
    jwt (2.7.0)
    mail (2.8.1)
      mini_mime (>= 0.1.1)
      net-imap
      net-pop
      net-smtp
    mini_mime (1.1.2)
    mini_portile2 (2.8.1)
    minitest (5.18.0)
    multi_json (1.15.0)
    mustermann (3.0.0)
      ruby2_keywords (~> 0.0.1)
    net-imap (0.3.4)
      date
      net-protocol
    net-pop (0.1.2)
      net-protocol
    net-protocol (0.2.1)
      timeout
    net-smtp (0.3.3)
      net-protocol
    nokogiri (1.14.3)
      mini_portile2 (~> 2.8.0)
      racc (~> 1.4)
    pastel (0.8.0)
      tty-color (~> 0.5)
    public_suffix (5.0.1)
    racc (1.6.2)
    rack (2.2.6.4)
    rack-protection (3.0.5)
      rack
    roda (3.66.0)
      rack
    roda-enhanced_logger (0.5.0)
      roda (>= 3.19.0)
      tty-logger (>= 0.3, < 1.0)
    rotp (6.2.2)
    ruby2_keywords (0.0.5)
    sinatra (3.0.5)
      mustermann (~> 3.0)
      rack (~> 2.2, >= 2.2.4)
      rack-protection (= 3.0.5)
      tilt (~> 2.0)
    sinatra-contrib (3.0.5)
      multi_json
      mustermann (~> 3.0)
      rack-protection (= 3.0.5)
      sinatra (= 3.0.5)
      tilt (~> 2.0)
    thor (1.2.1)
    tilt (2.1.0)
    timeout (0.3.2)
    tty-color (0.6.0)
    tty-logger (0.6.0)
      pastel (~> 0.8)
    tzinfo (2.0.6)
      concurrent-ruby (~> 1.0)

PLATFORMS
  ruby

DEPENDENCIES
  et_fake_acas_server (~> 2.0)
  et_fake_ccd (~> 2.1)
  foreman (~> 0.87.2)
  gov_fake_notify!

BUNDLED WITH
   2.3.17
